GEM
  remote: https://rubygems.org/
  specs:
    backports (3.8.0)
    daemons (1.2.4)
    eventmachine (1.2.5)
    haml (5.0.2)
      temple (>= 0.8.0)
      tilt
    minitest (5.10.3)
    multi_json (1.12.1)
    mustermann (1.0.0)
    rack (2.0.3)
    rack-protection (2.0.0)
      rack
    rack-test (0.7.0)
      rack (>= 1.0, < 3)
    rake (12.0.0)
    redcarpet (3.4.0)
    sinatra (2.0.0)
      mustermann (~> 1.0)
      rack (~> 2.0)
      rack-protection (= 2.0.0)
      tilt (~> 2.0)
    sinatra-contrib (2.0.0)
      backports (>= 2.0)
      multi_json
      mustermann (~> 1.0)
      rack-protection (= 2.0.0)
      sinatra (= 2.0.0)
      tilt (>= 1.3, < 3)
    temple (0.8.0)
    thin (1.7.2)
      daemons (~> 1.0, >= 1.0.9)
      eventmachine (~> 1.0, >= 1.0.4)
      rack (>= 1, < 3)
    tilt (2.0.8)

PLATFORMS
  ruby

DEPENDENCIES
  haml
  minitest
  rack-test
  rake
  redcarpet
  sinatra
  sinatra-contrib
  thin

RUBY VERSION
   ruby 2.4.1p111

BUNDLED WITH
   1.15.1
